PATH
  remote: .
  specs:
    rlimiter (1.0.3)
      redis (~> 4.0.2)

GEM
  remote: https://rubygems.org/
  specs:
    coveralls (0.8.22)
      json (>= 1.8, < 3)
      simplecov (~> 0.16.1)
      term-ansicolor (~> 1.3)
      thor (~> 0.19.4)
      tins (~> 1.6)
    diff-lcs (1.3)
    docile (1.3.1)
    json (2.1.0)
    rake (10.5.0)
    redis (4.0.2)
    rspec (3.8.0)
      rspec-core (~> 3.8.0)
      rspec-expectations (~> 3.8.0)
      rspec-mocks (~> 3.8.0)
    rspec-core (3.8.0)
      rspec-support (~> 3.8.0)
    rspec-expectations (3.8.1)
      diff-lcs (>= 1.2.0, < 2.0)
      rspec-support (~> 3.8.0)
    rspec-mocks (3.8.0)
      diff-lcs (>= 1.2.0, < 2.0)
      rspec-support (~> 3.8.0)
    rspec-support (3.8.0)
    simplecov (0.16.1)
      docile (~> 1.1)
      json (>= 1.8, < 3)
      simplecov-html (~> 0.10.0)
    simplecov-html (0.10.2)
    term-ansicolor (1.6.0)
      tins (~> 1.0)
    thor (0.19.4)
    timecop (0.9.1)
    tins (1.16.3)

PLATFORMS
  ruby

DEPENDENCIES
  bundler (~> 1.16)
  coveralls
  rake (~> 10.0)
  redis
  rlimiter!
  rspec (~> 3.0)
  simplecov
  timecop

BUNDLED WITH
   1.16.4
